GEM
  remote: https://rubygems.org/
  specs:
    bcrypt (3.1.18)
    byebug (11.1.3)

PLATFORMS
  x64-mingw-ucrt

DEPENDENCIES
  bcrypt (~> 3.1, >= 3.1.18)
  byebug (~> 11.1, >= 11.1.3)

BUNDLED WITH
   2.4.6
